GEM
  remote: http://rubygems.org/
  specs:
    coderay (1.1.2)
    faraday (0.14.0)
      multipart-post (>= 1.2, < 3)
    faraday-panoptes (0.3.0)
      faraday (~> 0.9)
      faraday_middleware (~> 0.10)
    faraday_middleware (0.12.2)
      faraday (>= 0.7.4, < 1.0)
    jwt (1.5.6)
    method_source (0.9.0)
    multipart-post (2.0.0)
    mustermann (1.0.2)
    panoptes-client (0.3.6)
      faraday
      faraday-panoptes (~> 0.3.0)
      jwt (~> 1.5.0)
    pry (0.11.3)
      coderay (~> 1.1.0)
      method_source (~> 0.9.0)
    rack (2.0.4)
    rack-protection (2.0.1)
      rack
    sinatra (2.0.1)
      mustermann (~> 1.0)
      rack (~> 2.0)
      rack-protection (= 2.0.1)
      tilt (~> 2.0)
    tilt (2.0.8)

PLATFORMS
  ruby

DEPENDENCIES
  panoptes-client
  pry
  sinatra

BUNDLED WITH
   1.16.0
